GIT
  remote: https://github.com/dkubb/yardstick.git
  revision: 4d8a57f5a69d49a408d4d778aebcc5a52a25c07a
  specs:
    yardstick (0.9.7)
      yard (~> 0.8, >= 0.8.7.2)

GIT
  remote: https://github.com/mbj/mutant.git
  revision: 26a6b0a7eba9f215e94e879e6786225a8f737598
  specs:

GIT
  remote: https://github.com/mbj/unparser.git
  revision: d6897bec21c0c499b3080350cb165a5211e7c2aa
  specs:

GIT
  remote: https://github.com/rom-rb/devtools.git
  revision: eafb8074efc2e35d17bbbee0a11f397ffd3f17fb
  specs:
    devtools (0.0.2)

GEM
  remote: https://rubygems.org/
  specs:
    actionmailer (4.0.2)
      actionpack (= 4.0.2)
      mail (~> 2.5.4)
    actionpack (4.0.2)
      activesupport (= 4.0.2)
      builder (~> 3.1.0)
      erubis (~> 2.7.0)
      rack (~> 1.5.2)
      rack-test (~> 0.6.2)
    activemodel (4.0.2)
      activesupport (= 4.0.2)
      builder (~> 3.1.0)
    activerecord (4.0.2)
      activemodel (= 4.0.2)
      activerecord-deprecated_finders (~> 1.0.2)
      activesupport (= 4.0.2)
      arel (~> 4.0.0)
    activerecord-deprecated_finders (1.0.3)
    activesupport (4.0.2)
      i18n (~> 0.6, >= 0.6.4)
      minitest (~> 4.2)
      multi_json (~> 1.3)
      thread_safe (~> 0.1)
      tzinfo (~> 0.3.37)
    arel (4.0.1)
    ast (1.1.0)
    atomic (1.1.14-java)
    bcrypt-ruby (3.1.2-java)
    blankslate (2.1.2.4)
    bouncy-castle-java (1.5.0147)
    bson (2.0.0-java)
    builder (3.1.4)
    celluloid (0.15.2)
      timers (~> 1.1.0)
    coderay (1.1.0)
    connection_pool (1.2.0)
    coveralls (0.7.0)
      multi_json (~> 1.3)
      rest-client
      simplecov (>= 0.7)
      term-ansicolor
      thor
    diff-lcs (1.2.5)
    docile (1.1.1)
    edn (1.0.0)
      parslet (~> 1.4.0)
    erubis (2.7.0)
    ffi (1.9.3-java)
    flay (2.4.0)
      ruby_parser (~> 3.0)
      sexp_processor (~> 4.0)
    flog (4.2.0)
      ruby_parser (~> 3.1, > 3.1.0)
      sexp_processor (~> 4.4)
    formatador (0.2.4)
    guard (2.2.5)
      formatador (>= 0.2.4)
      listen (~> 2.1)
      lumberjack (~> 1.0)
      pry (>= 0.9.12)
      thor (>= 0.18.1)
    guard-bundler (2.0.0)
      bundler (~> 1.0)
      guard (~> 2.2)
    guard-rspec (4.2.0)
      guard (>= 2.1.1)
      rspec (>= 2.14, < 4.0)
    guard-rubocop (1.0.1)
      guard (~> 2.0)
      rubocop (~> 0.10)
    hike (1.2.3)
    i18n (0.6.9)
    jruby-lint (0.4.1)
      jruby-openssl
      nokogiri (>= 1.5.0.beta.4)
      term-ansicolor
    jruby-openssl (0.8.10)
      bouncy-castle-java (>= 1.5.0147)
    json (1.8.1-java)
    kramdown (1.3.0)
    libnotify (0.8.2)
      ffi (>= 1.0.11)
    light-service (0.0.12)
    listen (2.4.0)
      celluloid (>= 0.15.2)
      rb-fsevent (>= 0.9.3)
      rb-inotify (>= 0.9)
    lumberjack (1.0.4)
    mail (2.5.4)
      mime-types (~> 1.16)
      treetop (~> 1.4.8)
    method_source (0.8.2)
    mime-types (1.25.1)
    mini_portile (0.5.2)
    minitest (4.7.5)
    mongoid (4.0.0.alpha1)
      activemodel (~> 4.0.0)
      moped (~> 2.0.beta4)
      origin (~> 1.0)
      tzinfo (~> 0.3.37)
    mongoid-rspec (1.10.0)
      mongoid (>= 3.0.1)
      rake
      rspec (>= 2.14)
    moped (2.0.0.beta4)
      bson (~> 2.0)
      connection_pool (~> 1.2)
      optionable (~> 0.2.0)
    multi_json (1.8.2)
    nokogiri (1.6.1-java)
      mini_portile (~> 0.5.0)
    optionable (0.2.0)
    origin (1.1.0)
    parser (2.1.1)
      ast (~> 1.1)
      slop (~> 3.4, >= 3.4.5)
    parslet (1.4.0)
      blankslate (~> 2.0)
    polyglot (0.3.3)
    powerpack (0.0.9)
    pry (0.9.12.4-java)
      coderay (~> 1.0)
      method_source (~> 0.8)
      slop (~> 3.4)
      spoon (~> 0.0)
    pry-rails (0.3.2)
      pry (>= 0.9.10)
    rabl (0.9.3)
      activesupport (>= 2.3.14)
    rack (1.5.2)
    rack-test (0.6.2)
      rack (>= 1.0)
    rails (4.0.2)
      actionmailer (= 4.0.2)
      actionpack (= 4.0.2)
      activerecord (= 4.0.2)
      activesupport (= 4.0.2)
      bundler (>= 1.3.0, < 2.0)
      railties (= 4.0.2)
      sprockets-rails (~> 2.0.0)
    railties (4.0.2)
      actionpack (= 4.0.2)
      activesupport (= 4.0.2)
      rake (>= 0.8.7)
      thor (>= 0.18.1, < 2.0)
    rainbow (1.99.1)
    rake (10.1.1)
    rb-fchange (0.0.6)
      ffi
    rb-fsevent (0.9.3)
    rb-inotify (0.9.3)
      ffi (>= 0.5.0)
    rb-notifu (0.0.4)
    rbench (0.2.3)
    rdoc (3.12.2)
      json (~> 1.4)
    reek (1.3.6)
      ruby2ruby (~> 2.0.7)
      ruby_parser (~> 3.2)
      sexp_processor
    rest-client (1.6.7)
      mime-types (>= 1.16)
    rspec (2.14.1)
      rspec-core (~> 2.14.0)
      rspec-expectations (~> 2.14.0)
      rspec-mocks (~> 2.14.0)
    rspec-core (2.14.7)
    rspec-expectations (2.14.4)
      diff-lcs (>= 1.1.3, < 2.0)
    rspec-mocks (2.14.4)
    rspec-rails (2.14.1)
      actionpack (>= 3.0)
      activemodel (>= 3.0)
      activesupport (>= 3.0)
      railties (>= 3.0)
      rspec-core (~> 2.14.0)
      rspec-expectations (~> 2.14.0)
      rspec-mocks (~> 2.14.0)
    rubocop (0.16.0)
      parser (~> 2.1)
      powerpack (~> 0.0.6)
      rainbow (>= 1.1.4)
    ruby2ruby (2.0.7)
      ruby_parser (~> 3.1)
      sexp_processor (~> 4.0)
    ruby_parser (3.2.2)
      sexp_processor (~> 4.1)
    sdoc (0.3.20)
      json (>= 1.1.3)
      rdoc (~> 3.10)
    sexp_processor (4.4.1)
    simplecov (0.8.2)
      docile (~> 1.1.0)
      multi_json
      simplecov-html (~> 0.8.0)
    simplecov-html (0.8.0)
    slop (3.4.7)
    spoon (0.0.4)
      ffi
    sprockets (2.10.1)
      hike (~> 1.2)
      multi_json (~> 1.0)
      rack (~> 1.0)
      tilt (~> 1.1, != 1.3.0)
    sprockets-rails (2.0.1)
      actionpack (>= 3.0)
      activesupport (>= 3.0)
      sprockets (~> 2.8)
    term-ansicolor (1.2.2)
      tins (~> 0.8)
    terminal-notifier-guard (1.5.3)
    thor (0.18.1)
    thread_safe (0.1.3-java)
      atomic
    tilt (1.4.1)
    timers (1.1.0)
    tins (0.13.1)
    torquebox (3.0.1)
      thor (>= 0.14.6)
      torquebox-cache (= 3.0.1)
      torquebox-configure (= 3.0.1)
      torquebox-core (= 3.0.1)
      torquebox-messaging (= 3.0.1)
      torquebox-naming (= 3.0.1)
      torquebox-rake-support (= 3.0.1)
      torquebox-security (= 3.0.1)
      torquebox-stomp (= 3.0.1)
      torquebox-transactions (= 3.0.1)
      torquebox-web (= 3.0.1)
    torquebox-cache (3.0.1-java)
      torquebox-core (= 3.0.1)
      torquebox-transactions (= 3.0.1)
    torquebox-configure (3.0.1-java)
      blankslate (= 2.1.2.4)
    torquebox-core (3.0.1-java)
      edn (= 1.0.0)
    torquebox-messaging (3.0.1-java)
      torquebox-core (= 3.0.1)
      torquebox-transactions (= 3.0.1)
    torquebox-naming (3.0.1-java)
      torquebox-core (= 3.0.1)
    torquebox-rake-support (3.0.1)
      rake (>= 0.8.7)
    torquebox-security (3.0.1-java)
      torquebox-core (= 3.0.1)
    torquebox-server (3.0.1-java)
      torquebox (= 3.0.1)
    torquebox-stomp (3.0.1)
      torquebox-core (= 3.0.1)
      torquebox-messaging (= 3.0.1)
    torquebox-transactions (3.0.1)
      torquebox-core (= 3.0.1)
    torquebox-web (3.0.1-java)
    treetop (1.4.15)
      polyglot
      polyglot (>= 0.3.1)
    tzinfo (0.3.38)
    yard (0.8.7.3)

PLATFORMS
  java

DEPENDENCIES
  bcrypt-ruby
  bson
  coveralls (~> 0.7.0)
  devtools!
  flay (~> 2.4.0)
  flog (~> 4.2.0)
  guard (~> 2.2.4)
  guard-bundler (~> 2.0.0)
  guard-rspec (~> 4.2.0)
  guard-rubocop (~> 1.0.0)
  jruby-lint
  jruby-openssl (~> 0.8.5)
  json (~> 1.8.1)
  kramdown (~> 1.3.0)
  libnotify (~> 0.8.0)
  light-service
  listen (~> 2.4.0)
  mongoid (~> 4.0.0.alpha1)
  mongoid-rspec
  mutant (~> 0.3.0)!
  pry (>= 0.9.12.4)
  pry-rails
  rabl
  racc (~> 1.4.10)
  rails (= 4.0.2)
  rake (~> 10.1.0)
  rb-fchange (~> 0.0.6)
  rb-fsevent (~> 0.9.3)
  rb-inotify (~> 0.9.0)
  rb-notifu (~> 0.0.4)
  rbench (~> 0.2.3)
  reek (~> 1.3.2)
  rspec (~> 2.14.1)
  rspec-rails
  rubocop (~> 0.16.0)
  rubysl-logger (~> 2.0.0)
  rubysl-open-uri (~> 2.0.0)
  rubysl-prettyprint (~> 2.0.2)
  rubysl-singleton (~> 2.0.0)
  sdoc
  simplecov (~> 0.8.2)
  terminal-notifier-guard (~> 1.5.3)
  torquebox (= 3.0.1)
  torquebox-server (= 3.0.1)
  unparser (~> 0.1.5)!
  yard (~> 0.8.7)
  yard-spellcheck (~> 0.1.5)
  yardstick (~> 0.9.7)!
